GEM
  remote: http://rubygems.org/
  specs:
    activesupport (3.0.0)
    builder (2.1.2)
    i18n (0.6.0)
    libxml-ruby (2.2.2)
    metaclass (0.0.1)
    mocha (0.14.0)
      metaclass (~> 0.0.1)
    oauth (0.4.3)
    shoulda (2.11.3)

PLATFORMS
  ruby

DEPENDENCIES
  activesupport
  builder (>= 2.1.2)
  i18n
  libxml-ruby (~> 2.2.2)
  mocha
  oauth (>= 0.3.6)
  shoulda
